GEM
  remote: https://rubygems.org/
  specs:
    exifr (1.3.3)

PLATFORMS
  ruby

DEPENDENCIES
  exifr (~> 1.2)

BUNDLED WITH
   1.16.1
